PATH
  remote: .
  specs:
    assembly-objectfile (1.5.6)
      activesupport (~> 3.2.0)
      mime-types
      mini_exiftool (~> 1.6)
      nokogiri (~> 1.5.0)

GEM
  remote: http://rubygems.org/
  remote: http://sul-gems.stanford.edu/
  specs:
    actionmailer (3.2.14)
      actionpack (= 3.2.14)
      mail (~> 2.5.4)
    actionpack (3.2.14)
      activemodel (= 3.2.14)
      activesupport (= 3.2.14)
      builder (~> 3.0.0)
      erubis (~> 2.7.0)
      journey (~> 1.0.4)
      rack (~> 1.4.5)
      rack-cache (~> 1.2)
      rack-test (~> 0.6.1)
      sprockets (~> 2.2.1)
    activemodel (3.2.14)
      activesupport (= 3.2.14)
      builder (~> 3.0.0)
    activesupport (3.2.14)
      i18n (~> 0.6, >= 0.6.4)
      multi_json (~> 1.0)
    builder (3.0.4)
    capistrano (2.15.5)
      highline
      net-scp (>= 1.0.0)
      net-sftp (>= 2.0.0)
      net-ssh (>= 2.0.14)
      net-ssh-gateway (>= 1.1.0)
    diff-lcs (1.2.4)
    erubis (2.7.0)
    grit (2.5.0)
      diff-lcs (~> 1.1)
      mime-types (~> 1.15)
      posix-spawn (~> 0.3.6)
    highline (1.6.19)
    hike (1.2.3)
    holepicker (0.3.1)
      json (>= 1.7.7)
      rainbow (>= 1.1.4)
    i18n (0.6.5)
    journey (1.0.4)
    json (1.8.0)
    lyberteam-capistrano-devel (1.3.0)
      actionmailer
      capistrano (>= 2.11.0)
      grit
      holepicker
      rake (>= 0.8.7)
      rest-client
    lyberteam-devel (1.0.1)
      lyberteam-capistrano-devel (~> 1.0, >= 1.0.7)
      lyberteam-gems-devel (~> 1.0, >= 1.0.1)
    lyberteam-gems-devel (1.0.1)
      rake (>= 0.8.7)
      rest-client
    mail (2.5.4)
      mime-types (~> 1.16)
      treetop (~> 1.4.8)
    mime-types (1.25)
    mini_exiftool (1.7.0)
    multi_json (1.7.9)
    net-scp (1.1.2)
      net-ssh (>= 2.6.5)
    net-sftp (2.1.2)
      net-ssh (>= 2.6.5)
    net-ssh (2.6.8)
    net-ssh-gateway (1.2.0)
      net-ssh (>= 2.6.5)
    nokogiri (1.5.10)
    polyglot (0.3.3)
    posix-spawn (0.3.6)
    rack (1.4.5)
    rack-cache (1.2)
      rack (>= 0.4)
    rack-test (0.6.2)
      rack (>= 1.0)
    rainbow (1.1.4)
    rake (10.1.0)
    rest-client (1.6.7)
      mime-types (>= 1.16)
    rspec (2.14.1)
      rspec-core (~> 2.14.0)
      rspec-expectations (~> 2.14.0)
      rspec-mocks (~> 2.14.0)
    rspec-core (2.14.5)
    rspec-expectations (2.14.2)
      diff-lcs (>= 1.1.3, < 2.0)
    rspec-mocks (2.14.3)
    sprockets (2.2.2)
      hike (~> 1.2)
      multi_json (~> 1.0)
      rack (~> 1.0)
      tilt (~> 1.1, != 1.3.0)
    tilt (1.4.1)
    treetop (1.4.15)
      polyglot
      polyglot (>= 0.3.1)
    yard (0.8.7)

PLATFORMS
  ruby

DEPENDENCIES
  assembly-objectfile!
  json
  lyberteam-devel (>= 1.0.1)
  lyberteam-gems-devel (> 1.0.0)
  rspec (~> 2.6)
  yard
